GIT
  remote: https://github.com/plombix/gimli.git
  revision: c3edf2658acaf3ae7f25ee292b1ffe6b4e18ec2f
  branch: development
  specs:
    gimli (0.5.9)
      RedCloth (~> 4.2.7)
      coderay (~> 1.1)
      github-markup (~> 1.3)
      nokogiri (~> 1.16)
      optiflag (~> 0.7)
      redcarpet (~> 3.2)
      wkhtmltopdf-binary (~> 0.12.3)

GEM
  remote: https://rubygems.org/
  specs:
    RedCloth (4.2.9)
    bigdecimal (3.1.7)
    coderay (1.1.3)
    github-markup (1.7.0)
    handlebars (0.8.0)
      handlebars-source (~> 4.0.5)
      therubyracer (~> 0.12.1)
    handlebars-source (4.0.8)
    libv8 (3.16.14.19)
    matrix (0.4.2)
    mini_portile2 (2.8.5)
    nokogiri (1.16.3)
      mini_portile2 (~> 2.8.2)
      racc (~> 1.4)
    optiflag (0.7)
    pdf-core (0.10.0)
    prawn (2.5.0)
      matrix (~> 0.4)
      pdf-core (~> 0.10.0)
      ttfunk (~> 1.8)
    racc (1.7.3)
    rack (3.0.10)
    rackup (2.1.0)
      rack (>= 3)
      webrick (~> 1.8)
    rake (12.3.3)
    redcarpet (3.6.0)
    ref (2.0.0)
    therubyracer (0.12.3)
      libv8 (~> 3.16.14.15)
      ref
    ttfunk (1.8.0)
      bigdecimal (~> 3.1)
    webrick (1.8.1)
    wkhtmltopdf-binary (0.12.6.6)

PLATFORMS
  ruby

DEPENDENCIES
  gimli!
  handlebars
  prawn
  rack
  rackup
  rake

BUNDLED WITH
   2.5.5
